GEM
  remote: https://rubygems.org/
  specs:
    json (2.0.3)
    mail (2.6.4)
      mime-types (>= 1.16, < 4)
    mime-types (3.1)
      mime-types-data (~> 3.2015)
    mime-types-data (3.2016.0521)
    pony (1.11)
      mail (>= 2.0)
    rack (1.6.5)
    rack-protection (1.5.3)
      rack
    rack-recaptcha (0.6.6)
      json
    sinatra (1.4.8)
      rack (~> 1.5)
      rack-protection (~> 1.4)
      tilt (>= 1.3, < 3)
    tilt (2.0.6)

PLATFORMS
  x64-mingw32

DEPENDENCIES
  json
  pony
  rack
  rack-recaptcha
  sinatra

RUBY VERSION
   ruby 2.2.6p396

BUNDLED WITH
   1.14.3
